GEM
  remote: https://rubygems.org/
  specs:
    actioncable (6.0.3.5)
      actionpack (= 6.0.3.5)
      nio4r (~> 2.0)
      websocket-driver (>= 0.6.1)
    actionmailbox (6.0.3.5)
      actionpack (= 6.0.3.5)
      activejob (= 6.0.3.5)
      activerecord (= 6.0.3.5)
      activestorage (= 6.0.3.5)
      activesupport (= 6.0.3.5)
      mail (>= 2.7.1)
    actionmailer (6.0.3.5)
      actionpack (= 6.0.3.5)
      actionview (= 6.0.3.5)
      activejob (= 6.0.3.5)
      mail (~> 2.5, >= 2.5.4)
      rails-dom-testing (~> 2.0)
    actionpack (6.0.3.5)
      actionview (= 6.0.3.5)
      activesupport (= 6.0.3.5)
      rack (~> 2.0, >= 2.0.8)
      rack-test (>= 0.6.3)
      rails-dom-testing (~> 2.0)
      rails-html-sanitizer (~> 1.0, >= 1.2.0)
    actiontext (6.0.3.5)
      actionpack (= 6.0.3.5)
      activerecord (= 6.0.3.5)
      activestorage (= 6.0.3.5)
      activesupport (= 6.0.3.5)
      nokogiri (>= 1.8.5)
    actionview (6.0.3.5)
      activesupport (= 6.0.3.5)
      builder (~> 3.1)
      erubi (~> 1.4)
      rails-dom-testing (~> 2.0)
      rails-html-sanitizer (~> 1.1, >= 1.2.0)
    activejob (6.0.3.5)
      activesupport (= 6.0.3.5)
      globalid (>= 0.3.6)
    activemodel (6.0.3.5)
      activesupport (= 6.0.3.5)
    activerecord (6.0.3.5)
      activemodel (= 6.0.3.5)
      activesupport (= 6.0.3.5)
    activestorage (6.0.3.5)
      actionpack (= 6.0.3.5)
      activejob (= 6.0.3.5)
      activerecord (= 6.0.3.5)
      marcel (~> 0.3.1)
    activesupport (6.0.3.5)
      concurrent-ruby (~> 1.0, >= 1.0.2)
      i18n (>= 0.7, < 2)
      minitest (~> 5.1)
      tzinfo (~> 1.1)
      zeitwerk (~> 2.2, >= 2.2.2)
    addressable (2.7.0)
      public_suffix (>= 2.0.2, < 5.0)
    airbrussh (1.4.0)
      sshkit (>= 1.6.1, != 1.7.0)
    bcrypt (3.1.16)
    bindex (0.8.1)
    bson (4.12.0)
    builder (3.2.4)
    byebug (11.1.3)
    capistrano (3.16.0)
      airbrussh (>= 1.0.0)
      i18n
      rake (>= 10.0.0)
      sshkit (>= 1.9.0)
    capistrano-bundler (2.0.1)
      capistrano (~> 3.1)
    capistrano-passenger (0.2.0)
      capistrano (~> 3.0)
    capistrano-rails (1.6.1)
      capistrano (~> 3.1)
      capistrano-bundler (>= 1.1, < 3)
    capistrano-rbenv (2.2.0)
      capistrano (~> 3.1)
      sshkit (~> 1.3)
    coderay (1.1.3)
    coffee-rails (5.0.0)
      coffee-script (>= 2.2.0)
      railties (>= 5.2.0)
    coffee-script (2.4.1)
      coffee-script-source
      execjs
    coffee-script-source (1.12.2)
    concurrent-ruby (1.1.8)
    crass (1.0.6)
    curb (0.9.11)
    declarative (0.0.20)
    declarative-option (0.1.0)
    diff-lcs (1.4.4)
    erubi (1.10.0)
    execjs (2.7.0)
    faraday (1.3.0)
      faraday-net_http (~> 1.0)
      multipart-post (>= 1.2, < 3)
      ruby2_keywords
    faraday-net_http (1.0.1)
    ffi (1.14.2)
    font-awesome-rails (4.7.0.7)
      railties (>= 3.2, < 7)
    gems (1.2.0)
    globalid (0.4.2)
      activesupport (>= 4.2.0)
    google-api-client (0.53.0)
      google-apis-core (~> 0.1)
      google-apis-generator (~> 0.1)
    google-apis-core (0.2.1)
      addressable (~> 2.5, >= 2.5.1)
      googleauth (~> 0.14)
      httpclient (>= 2.8.1, < 3.0)
      mini_mime (~> 1.0)
      representable (~> 3.0)
      retriable (>= 2.0, < 4.0)
      rexml
      signet (~> 0.14)
      webrick
    google-apis-discovery_v1 (0.1.0)
      google-apis-core (~> 0.1)
    google-apis-generator (0.1.2)
      activesupport (>= 5.0)
      gems (~> 1.2)
      google-apis-core (~> 0.1)
      google-apis-discovery_v1 (~> 0.0)
      thor (>= 0.20, < 2.a)
    google_drive (3.0.6)
      google-api-client (>= 0.11.0, < 1.0.0)
      googleauth (>= 0.5.0, < 1.0.0)
      nokogiri (>= 1.5.3, < 2.0.0)
    googleauth (0.16.0)
      faraday (>= 0.17.3, < 2.0)
      jwt (>= 1.4, < 3.0)
      memoist (~> 0.16)
      multi_json (~> 1.11)
      os (>= 0.9, < 2.0)
      signet (~> 0.14)
    haml (5.2.1)
      temple (>= 0.8.0)
      tilt
    httpclient (2.8.3)
    i18n (1.8.9)
      concurrent-ruby (~> 1.0)
    jbuilder (2.11.2)
      activesupport (>= 5.0.0)
    jquery-rails (4.4.0)
      rails-dom-testing (>= 1, < 3)
      railties (>= 4.2.0)
      thor (>= 0.14, < 2.0)
    jwt (2.2.2)
    libv8 (3.16.14.19)
    lodash-rails (4.17.15)
      railties (>= 3.1)
    log_switch (0.3.0)
    loofah (2.9.0)
      crass (~> 1.0.2)
      nokogiri (>= 1.5.9)
    mail (2.7.1)
      mini_mime (>= 0.1.1)
    marcel (0.3.3)
      mimemagic (~> 0.3.2)
    memoist (0.16.2)
    method_source (1.0.0)
    mimemagic (0.3.10)
      nokogiri (~> 1)
      rake
    mini_mime (1.0.2)
    mini_portile2 (2.5.1)
    minitest (5.14.4)
    mongo (2.14.0)
      bson (>= 4.8.2, < 5.0.0)
    mongoid (7.2.1)
      activemodel (>= 5.1, < 6.2)
      mongo (>= 2.10.5, < 3.0.0)
    multi_json (1.15.0)
    multi_xml (0.6.0)
    multipart-post (2.1.1)
    net-scp (3.0.0)
      net-ssh (>= 2.6.5, < 7.0.0)
    net-ssh (6.1.0)
    nio4r (2.5.7)
    nokogiri (1.11.4)
      mini_portile2 (~> 2.5.0)
      racc (~> 1.4)
    oauth2 (1.4.4)
      faraday (>= 0.8, < 2.0)
      jwt (>= 1.0, < 3.0)
      multi_json (~> 1.3)
      multi_xml (~> 0.5)
      rack (>= 1.2, < 3)
    os (1.1.1)
    pry (0.14.0)
      coderay (~> 1.1)
      method_source (~> 1.0)
    public_suffix (4.0.6)
    racc (1.5.2)
    rack (2.2.3)
    rack-test (1.1.0)
      rack (>= 1.0, < 3)
    rails (6.0.3.5)
      actioncable (= 6.0.3.5)
      actionmailbox (= 6.0.3.5)
      actionmailer (= 6.0.3.5)
      actionpack (= 6.0.3.5)
      actiontext (= 6.0.3.5)
      actionview (= 6.0.3.5)
      activejob (= 6.0.3.5)
      activemodel (= 6.0.3.5)
      activerecord (= 6.0.3.5)
      activestorage (= 6.0.3.5)
      activesupport (= 6.0.3.5)
      bundler (>= 1.3.0)
      railties (= 6.0.3.5)
      sprockets-rails (>= 2.0.0)
    rails-dom-testing (2.0.3)
      activesupport (>= 4.2.0)
      nokogiri (>= 1.6)
    rails-html-sanitizer (1.3.0)
      loofah (~> 2.3)
    railties (6.0.3.5)
      actionpack (= 6.0.3.5)
      activesupport (= 6.0.3.5)
      method_source
      rake (>= 0.8.7)
      thor (>= 0.20.3, < 2.0)
    rake (13.0.3)
    rb-fsevent (0.10.4)
    rb-inotify (0.10.1)
      ffi (~> 1.0)
    rdoc (6.3.0)
    ref (2.0.0)
    representable (3.0.4)
      declarative (< 0.1.0)
      declarative-option (< 0.2.0)
      uber (< 0.2.0)
    retriable (3.1.2)
    rexml (3.2.4)
    rspec-core (3.10.1)
      rspec-support (~> 3.10.0)
    rspec-expectations (3.10.1)
      diff-lcs (>= 1.2.0, < 2.0)
      rspec-support (~> 3.10.0)
    rspec-mocks (3.10.2)
      diff-lcs (>= 1.2.0, < 2.0)
      rspec-support (~> 3.10.0)
    rspec-rails (4.1.0)
      actionpack (>= 4.2)
      activesupport (>= 4.2)
      railties (>= 4.2)
      rspec-core (~> 3.10)
      rspec-expectations (~> 3.10)
      rspec-mocks (~> 3.10)
      rspec-support (~> 3.10)
    rspec-support (3.10.2)
    ruby2_keywords (0.0.4)
    sass (3.7.4)
      sass-listen (~> 4.0.0)
    sass-listen (4.0.0)
      rb-fsevent (~> 0.9, >= 0.9.4)
      rb-inotify (~> 0.9, >= 0.9.7)
    sass-rails (5.1.0)
      railties (>= 5.2.0)
      sass (~> 3.1)
      sprockets (>= 2.8, < 4.0)
      sprockets-rails (>= 2.0, < 4.0)
      tilt (>= 1.1, < 3)
    sdoc (2.0.4)
      rdoc (>= 5.0)
    signet (0.15.0)
      addressable (~> 2.3)
      faraday (>= 0.17.3, < 2.0)
      jwt (>= 1.5, < 3.0)
      multi_json (~> 1.10)
    spring (2.1.1)
    sprockets (3.7.2)
      concurrent-ruby (~> 1.0)
      rack (> 1, < 3)
    sprockets-rails (3.2.2)
      actionpack (>= 4.0)
      activesupport (>= 4.0)
      sprockets (>= 3.0.0)
    sqlite3 (1.4.2)
    sshkit (1.21.2)
      net-scp (>= 1.1.2)
      net-ssh (>= 2.8.0)
    sync (0.5.0)
    tailor (1.4.1)
      log_switch (~> 0.3.0)
      nokogiri (>= 1.6.0)
      term-ansicolor (>= 1.0.5)
      text-table (>= 1.2.2)
    temple (0.8.2)
    term-ansicolor (1.7.1)
      tins (~> 1.0)
    text-table (1.2.4)
    therubyracer (0.12.3)
      libv8 (~> 3.16.14.15)
      ref
    thor (1.1.0)
    thread_safe (0.3.6)
    tilt (2.0.10)
    tins (1.28.0)
      sync
    turbolinks (5.2.1)
      turbolinks-source (~> 5.2)
    turbolinks-source (5.2.0)
    tzinfo (1.2.9)
      thread_safe (~> 0.1)
    uber (0.1.0)
    uglifier (4.2.0)
      execjs (>= 0.3.0, < 3)
    web-console (4.1.0)
      actionview (>= 6.0.0)
      activemodel (>= 6.0.0)
      bindex (>= 0.4.0)
      railties (>= 6.0.0)
    webrick (1.7.0)
    websocket-driver (0.7.3)
      websocket-extensions (>= 0.1.0)
    websocket-extensions (0.1.5)
    zeitwerk (2.4.2)

PLATFORMS
  ruby

DEPENDENCIES
  bcrypt
  byebug
  capistrano (~> 3.10)
  capistrano-passenger
  capistrano-rails (~> 1.2)
  capistrano-rbenv
  coffee-rails
  curb
  font-awesome-rails
  google_drive
  googleauth
  haml
  jbuilder (~> 2.0)
  jquery-rails
  lodash-rails
  mongoid (~> 7.0.x)
  nokogiri (>= 1.11.0)
  oauth2
  pry
  rails (~> 6.0.0.rc2)
  rspec-rails
  sass-rails (~> 5.0)
  sdoc
  spring
  sqlite3
  tailor
  therubyracer
  turbolinks
  uglifier (>= 1.3.0)
  web-console (~> 4.0)

BUNDLED WITH
   2.1.4
